GEM
  remote: https://rubygems.org/
  specs:
    RedCloth (4.2.9)
    activemodel (4.0.0)
      activesupport (= 4.0.0)
      builder (~> 3.1.0)
    activerecord (4.0.0)
      activemodel (= 4.0.0)
      activerecord-deprecated_finders (~> 1.0.2)
      activesupport (= 4.0.0)
      arel (~> 4.0.0)
    activerecord-deprecated_finders (1.0.3)
    activesupport (4.0.0)
      i18n (~> 0.6, >= 0.6.4)
      minitest (~> 4.2)
      multi_json (~> 1.3)
      thread_safe (~> 0.1)
      tzinfo (~> 0.3.37)
    addressable (2.3.5)
    arel (4.0.0)
    atomic (1.1.10)
    backports (3.3.3)
    builder (3.1.4)
    chunky_png (1.2.8)
    columnize (0.3.6)
    compass (0.12.2)
      chunky_png (~> 1.2)
      fssm (>= 0.2.7)
      sass (~> 3.1)
    crack (0.4.0)
      safe_yaml (~> 0.9.0)
    debugger (1.6.1)
      columnize (>= 0.3.1)
      debugger-linecache (~> 1.2.0)
      debugger-ruby_core_source (~> 1.2.3)
    debugger-linecache (1.2.0)
    debugger-ruby_core_source (1.2.3)
    diff-lcs (1.2.4)
    eventmachine (1.0.3)
    factory_girl (4.2.0)
      activesupport (>= 3.0.0)
    ffi (1.9.0)
    fssm (0.2.10)
    haml (4.0.3)
      tilt
    i18n (0.6.4)
    kgio (2.8.0)
    listen (1.2.2)
      rb-fsevent (>= 0.9.3)
      rb-inotify (>= 0.9)
      rb-kqueue (>= 0.2)
    mime-types (1.23)
    mini_portile (0.5.1)
    minitest (4.7.5)
    multi_json (1.7.7)
    mysql2 (0.3.12)
    nokogiri (1.6.0)
      mini_portile (~> 0.5.0)
    pg (0.15.1)
    rack (1.5.2)
    rack-protection (1.5.0)
      rack
    rack-test (0.6.2)
      rack (>= 1.0)
    rack-timeout (0.0.4)
    raindrops (0.11.0)
    rake (10.1.0)
    rb-fsevent (0.9.3)
    rb-inotify (0.9.0)
      ffi (>= 0.5.0)
    rb-kqueue (0.2.0)
      ffi (>= 0.5.0)
    rerun (0.8.1)
      listen (>= 1.0.3)
    rest-client (1.6.7)
      mime-types (>= 1.16)
    rr (1.1.1)
    rspec (2.14.1)
      rspec-core (~> 2.14.0)
      rspec-expectations (~> 2.14.0)
      rspec-mocks (~> 2.14.0)
    rspec-core (2.14.3)
    rspec-expectations (2.14.0)
      diff-lcs (>= 1.1.3, < 2.0)
    rspec-mocks (2.14.1)
    rubyzip (0.9.9)
    safe_yaml (0.9.4)
    sass (3.2.9)
    sinatra (1.4.3)
      rack (~> 1.4)
      rack-protection (~> 1.4)
      tilt (~> 1.3, >= 1.3.4)
    sinatra-activerecord (1.2.3)
      activerecord (>= 3.0)
      sinatra (~> 1.0)
    sinatra-basic-auth (0.1.0)
      sinatra
    sinatra-contrib (1.4.0)
      backports (>= 2.0)
      eventmachine
      rack-protection
      rack-test
      sinatra (~> 1.4.2)
      tilt (~> 1.3)
    sinatra-flash (0.3.0)
      sinatra (>= 1.0.0)
    sinatra-redirect-with-flash (0.2.0)
      sinatra (>= 1.0.0)
    sinatra-reloader (1.0)
      sinatra-contrib
    thread_safe (0.1.0)
      atomic
    tilt (1.4.1)
    tzinfo (0.3.37)
    unicorn (4.6.3)
      kgio (~> 2.6)
      rack
      raindrops (~> 0.7)
    webmock (1.13.0)
      addressable (>= 2.2.7)
      crack (>= 0.3.2)
    zen-grids (1.4)
      sass (>= 3.1)

PLATFORMS
  ruby

DEPENDENCIES
  RedCloth
  compass
  debugger
  factory_girl
  haml
  mysql2
  nokogiri
  pg
  rack
  rack-test
  rack-timeout
  rake
  rb-fsevent
  rerun
  rest-client
  rr
  rspec
  rubyzip
  sass
  sinatra
  sinatra-activerecord
  sinatra-basic-auth
  sinatra-flash
  sinatra-redirect-with-flash
  sinatra-reloader
  unicorn
  webmock
  zen-grids
