GEM
  remote: http://rubygems.org/
  specs:
    activemodel (3.2.11)
      activesupport (= 3.2.11)
      builder (~> 3.0.0)
    activerecord (3.2.11)
      activemodel (= 3.2.11)
      activesupport (= 3.2.11)
      arel (~> 3.0.2)
      tzinfo (~> 0.3.29)
    activesupport (3.2.11)
      i18n (~> 0.6)
      multi_json (~> 1.0)
    ansi (1.4.3)
    arel (3.0.2)
    backports (2.6.4)
    builder (3.0.4)
    diff-lcs (1.1.3)
    eventmachine (0.12.10)
    haml (3.1.7)
    i18n (0.6.1)
    mime-types (1.19)
    multi_json (1.5.0)
    mysql2 (0.3.11)
    nokogiri (1.5.5)
    pg (0.14.1)
    rack (1.4.1)
    rack-protection (1.2.0)
      rack
    rack-test (0.6.1)
      rack (>= 1.0)
    rack-timeout (0.0.3)
    rake (0.9.2.2)
    rest-client (1.6.7)
      mime-types (>= 1.16)
    rr (1.0.4)
    rspec (2.11.0)
      rspec-core (~> 2.11.0)
      rspec-expectations (~> 2.11.0)
      rspec-mocks (~> 2.11.0)
    rspec-core (2.11.1)
    rspec-expectations (2.11.2)
      diff-lcs (~> 1.1.3)
    rspec-mocks (2.11.2)
    rubyzip (0.9.9)
    sinatra (1.3.3)
      rack (~> 1.3, >= 1.3.6)
      rack-protection (~> 1.2)
      tilt (~> 1.3, >= 1.3.3)
    sinatra-activerecord (1.2.1)
      activerecord (~> 3.0)
      sinatra (~> 1.0)
    sinatra-basic-auth (0.1.0)
      sinatra
    sinatra-contrib (1.3.1)
      backports (>= 2.0)
      eventmachine
      rack-protection
      rack-test
      sinatra (~> 1.3.0)
      tilt (~> 1.3)
    sinatra-flash (0.3.0)
      sinatra (>= 1.0.0)
    sinatra-redirect-with-flash (0.2.0)
      sinatra (>= 1.0.0)
    sinatra-reloader (1.0)
      sinatra-contrib
    tilt (1.3.3)
    turn (0.8.2)
      ansi (>= 1.2.2)
    tzinfo (0.3.35)

PLATFORMS
  ruby

DEPENDENCIES
  haml
  mysql2
  nokogiri
  pg
  rack
  rack-test
  rack-timeout
  rake
  rest-client
  rr
  rspec
  rubyzip
  sinatra
  sinatra-activerecord
  sinatra-basic-auth
  sinatra-flash
  sinatra-redirect-with-flash
  sinatra-reloader
  turn (= 0.8.2)
