GEM
  remote: http://rubygems.org/
  specs:
    activemodel (3.2.12)
      activesupport (= 3.2.12)
      builder (~> 3.0.0)
    activerecord (3.2.12)
      activemodel (= 3.2.12)
      activesupport (= 3.2.12)
      arel (~> 3.0.2)
      tzinfo (~> 0.3.29)
    activesupport (3.2.12)
      i18n (~> 0.6)
      multi_json (~> 1.0)
    addressable (2.3.2)
    arel (3.0.2)
    backports (2.8.2)
    builder (3.0.4)
    columnize (0.3.6)
    crack (0.3.2)
    debugger (1.3.1)
      columnize (>= 0.3.1)
      debugger-linecache (~> 1.1.1)
      debugger-ruby_core_source (~> 1.1.8)
    debugger-linecache (1.1.2)
      debugger-ruby_core_source (>= 1.1.1)
    debugger-ruby_core_source (1.1.8)
    diff-lcs (1.1.3)
    eventmachine (1.0.0)
    factory_girl (4.2.0)
      activesupport (>= 3.0.0)
    haml (3.1.7)
    i18n (0.6.1)
    mime-types (1.21)
    multi_json (1.5.1)
    mysql2 (0.3.11)
    nokogiri (1.5.6)
    pg (0.14.1)
    rack (1.5.2)
    rack-protection (1.3.2)
      rack
    rack-test (0.6.2)
      rack (>= 1.0)
    rack-timeout (0.0.3)
    rake (10.0.3)
    rest-client (1.6.7)
      mime-types (>= 1.16)
    rr (1.0.4)
    rspec (2.12.0)
      rspec-core (~> 2.12.0)
      rspec-expectations (~> 2.12.0)
      rspec-mocks (~> 2.12.0)
    rspec-core (2.12.2)
    rspec-expectations (2.12.1)
      diff-lcs (~> 1.1.3)
    rspec-mocks (2.12.2)
    rubyzip (0.9.9)
    sinatra (1.3.4)
      rack (~> 1.4)
      rack-protection (~> 1.3)
      tilt (~> 1.3, >= 1.3.3)
    sinatra-activerecord (1.2.1)
      activerecord (~> 3.0)
      sinatra (~> 1.0)
    sinatra-basic-auth (0.1.0)
      sinatra
    sinatra-contrib (1.3.2)
      backports (>= 2.0)
      eventmachine
      rack-protection
      rack-test
      sinatra (~> 1.3.0)
      tilt (~> 1.3)
    sinatra-flash (0.3.0)
      sinatra (>= 1.0.0)
    sinatra-redirect-with-flash (0.2.0)
      sinatra (>= 1.0.0)
    sinatra-reloader (1.0)
      sinatra-contrib
    tilt (1.3.3)
    tzinfo (0.3.35)
    webmock (1.9.0)
      addressable (>= 2.2.7)
      crack (>= 0.1.7)

PLATFORMS
  ruby

DEPENDENCIES
  debugger
  factory_girl
  haml
  mysql2
  nokogiri
  pg
  rack
  rack-test
  rack-timeout
  rake
  rest-client
  rr
  rspec
  rubyzip
  sinatra
  sinatra-activerecord
  sinatra-basic-auth
  sinatra-flash
  sinatra-redirect-with-flash
  sinatra-reloader
  webmock
